PATH
  remote: ../../common
  specs:
    vcap_common (2.2.1)
      addressable (~> 2.2)
      em-http-request (~> 1.0)
      eventmachine
      httpclient
      membrane (~> 0.0.2)
      mime-types
      multipart-post
      nats (~> 0.4.24)
      posix-spawn (~> 0.3.6)
      squash_ruby
      steno
      thin
      vmstat (~> 2.0)
      yajl-ruby

PATH
  remote: ../base
  specs:
    vcap_services_base (0.2.3)
      cf-uaa-lib
      curb (~> 0.7.16)
      data_mapper (~> 1.2)
      do_sqlite3
      em-http-request (~> 1.0)
      eventmachine (~> 1.0)
      eventmachine_httpserver (~> 0.2.1)
      json
      nats (>= 0.4.22.beta.8, < 0.4.28)
      resque (~> 1.20)
      resque-status
      ruby-hmac (~> 0.4.0)
      rubyzip (~> 0.9.8)
      sinatra (>= 1.2.3)
      stackato-kato (= 3.0.0)
      steno
      steno-codec-text
      thin (>= 1.3.1)
      vcap_common (>= 2.2.1)
      warden-client
      warden-protocol

GEM
  remote: https://rubygems.org/
  specs:
    activesupport (4.0.1)
      i18n (~> 0.6, >= 0.6.4)
      minitest (~> 4.2)
      multi_json (~> 1.3)
      thread_safe (~> 0.1)
      tzinfo (~> 0.3.37)
    addressable (2.3.5)
    atomic (1.1.14)
    axiom-types (0.0.5)
      descendants_tracker (~> 0.0.1)
      ice_nine (~> 0.9)
    backports (3.3.5)
    bcrypt-ruby (3.1.2)
    beefcake (0.4.0)
    builder (3.2.2)
    cf-uaa-lib (2.0.0)
      multi_json
    ci_reporter (1.9.0)
      builder (>= 2.1.2)
    coercible (0.2.0)
      backports (~> 3.0, >= 3.1.0)
      descendants_tracker (~> 0.0.1)
    colored (1.2)
    cookiejar (0.3.0)
    curb (0.7.18)
    daemons (1.1.9)
    data_mapper (1.2.0)
      dm-aggregates (~> 1.2.0)
      dm-constraints (~> 1.2.0)
      dm-core (~> 1.2.0)
      dm-migrations (~> 1.2.0)
      dm-serializer (~> 1.2.0)
      dm-timestamps (~> 1.2.0)
      dm-transactions (~> 1.2.0)
      dm-types (~> 1.2.0)
      dm-validations (~> 1.2.0)
    data_objects (0.10.13)
      addressable (~> 2.1)
    datamapper (1.2.0)
      dm-aggregates (~> 1.2.0)
      dm-constraints (~> 1.2.0)
      dm-core (~> 1.2.0)
      dm-migrations (~> 1.2.0)
      dm-serializer (~> 1.2.0)
      dm-timestamps (~> 1.2.0)
      dm-transactions (~> 1.2.0)
      dm-types (~> 1.2.0)
      dm-validations (~> 1.2.0)
    descendants_tracker (0.0.3)
    diff-lcs (1.2.5)
    dm-aggregates (1.2.0)
      dm-core (~> 1.2.0)
    dm-constraints (1.2.0)
      dm-core (~> 1.2.0)
    dm-core (1.2.1)
      addressable (~> 2.3)
    dm-do-adapter (1.2.0)
      data_objects (~> 0.10.6)
      dm-core (~> 1.2.0)
    dm-migrations (1.2.0)
      dm-core (~> 1.2.0)
    dm-serializer (1.2.2)
      dm-core (~> 1.2.0)
      fastercsv (~> 1.5)
      json (~> 1.6)
      json_pure (~> 1.6)
      multi_json (~> 1.0)
    dm-sqlite-adapter (1.2.0)
      dm-do-adapter (~> 1.2.0)
      do_sqlite3 (~> 0.10.6)
    dm-timestamps (1.2.0)
      dm-core (~> 1.2.0)
    dm-transactions (1.2.0)
      dm-core (~> 1.2.0)
    dm-types (1.2.2)
      bcrypt-ruby (~> 3.0)
      dm-core (~> 1.2.0)
      fastercsv (~> 1.5)
      json (~> 1.6)
      multi_json (~> 1.0)
      stringex (~> 1.4)
      uuidtools (~> 2.1)
    dm-validations (1.2.0)
      dm-core (~> 1.2.0)
    do_sqlite3 (0.10.13)
      data_objects (= 0.10.13)
    docile (1.1.1)
    docopt (0.5.0)
    em-http-request (1.1.1)
      addressable (>= 2.3.4)
      cookiejar
      em-socksify (>= 0.3)
      eventmachine (>= 1.0.3)
      http_parser.rb (>= 0.6.0.beta.2)
    em-socksify (0.3.0)
      eventmachine (>= 1.0.0.beta.4)
    equalizer (0.0.7)
    eventmachine (1.0.3)
    eventmachine_httpserver (0.2.1)
    fastercsv (1.5.5)
    fluent-logger (0.4.7)
      msgpack (>= 0.4.4, < 0.6.0, != 0.5.3, != 0.5.2, != 0.5.1, != 0.5.0)
      yajl-ruby (~> 1.0)
    futuroscope (0.1.5)
    grape (0.6.1)
      activesupport
      builder
      hashie (>= 1.2.0)
      multi_json (>= 1.3.2)
      multi_xml (>= 0.5.2)
      rack (>= 1.3.0)
      rack-accept
      rack-mount
      virtus (>= 1.0.0)
    hashie (2.0.5)
    http_parser.rb (0.6.0.beta.2)
    httpclient (2.3.4.1)
    i18n (0.6.5)
    ice_nine (0.10.0)
    ipaddress (0.8.0)
    json (1.8.1)
    json_pure (1.8.1)
    membrane (0.0.2)
    mime-types (2.0)
    minitest (4.7.5)
    mono_logger (1.1.0)
    msgpack (0.5.7)
    multi_json (1.8.2)
    multi_xml (0.5.5)
    multipart-post (1.2.0)
    mustache (0.99.4)
    nats (0.4.26)
      daemons (>= 1.1.5)
      eventmachine (>= 0.12.10)
      json_pure (>= 1.7.3)
      thin (>= 1.4.1)
    net-ssh (2.7.0)
    pg (0.14.1)
    posix-spawn (0.3.6)
    rack (1.5.2)
    rack-accept (0.4.5)
      rack (>= 0.4)
    rack-mount (0.8.3)
      rack (>= 1.0.0)
    rack-protection (1.5.1)
      rack
    rake (10.1.0)
    redis (3.0.6)
    redis-namespace (1.3.2)
      redis (~> 3.0.4)
    resque (1.25.1)
      mono_logger (~> 1.0)
      multi_json (~> 1.0)
      redis-namespace (~> 1.2)
      sinatra (>= 0.9.2)
      vegas (~> 0.1.2)
    resque-status (0.4.1)
      resque (~> 1.19)
    rspec (2.14.1)
      rspec-core (~> 2.14.0)
      rspec-expectations (~> 2.14.0)
      rspec-mocks (~> 2.14.0)
    rspec-core (2.14.7)
    rspec-expectations (2.14.4)
      diff-lcs (>= 1.1.3, < 2.0)
    rspec-mocks (2.14.4)
    ruby-hmac (0.4.0)
    ruby-termios (0.9.6)
    rubyzip (0.9.9)
    simplecov (0.8.2)
      docile (~> 1.1.0)
      multi_json
      simplecov-html (~> 0.8.0)
    simplecov-html (0.8.0)
    simplecov-rcov (0.2.3)
      simplecov (>= 0.4.1)
    sinatra (1.4.4)
      rack (~> 1.4)
      rack-protection (~> 1.4)
      tilt (~> 1.3, >= 1.3.4)
    sqlite3 (1.3.7)
    squash_ruby (1.2.3)
      json
    stackato-kato (3.0.0)
      colored (= 1.2)
      docopt (= 0.5.0)
      futuroscope (~> 0.1.5)
      ipaddress (= 0.8.0)
      mustache (= 0.99.4)
      pg (= 0.14.1)
      redis (= 3.0.6)
      ruby-termios (= 0.9.6)
      sqlite3 (= 1.3.7)
      term-ansicolor (= 1.0.7)
      xmlparser (= 0.7.2.1)
      yajl-ruby (= 1.1.0)
    steno (1.1.0)
      fluent-logger
      grape
      yajl-ruby (~> 1.0)
    steno-codec-text (0.1)
      steno (~> 1.1.0)
    stringex (1.5.1)
    term-ansicolor (1.0.7)
    thin (1.6.1)
      daemons (>= 1.0.9)
      eventmachine (>= 1.0.0)
      rack (>= 1.0.0)
    thread_safe (0.1.3)
      atomic
    tilt (1.4.1)
    tzinfo (0.3.38)
    uuidtools (2.1.4)
    vegas (0.1.11)
      rack (>= 1.0.0)
    virtus (1.0.0)
      axiom-types (~> 0.0.5)
      coercible (~> 0.2)
      descendants_tracker (~> 0.0.1)
      equalizer (~> 0.0.7)
    vmstat (2.0.0)
    warden-client (0.1.0)
      warden-protocol (~> 0.1.0)
    warden-protocol (0.1.3)
      beefcake
    xmlparser (0.7.2.1)
    yajl-ruby (1.1.0)

PLATFORMS
  ruby

DEPENDENCIES
  activesupport (= 4.0.1)
  addressable (= 2.3.5)
  atomic (= 1.1.14)
  axiom-types (= 0.0.5)
  backports (= 3.3.5)
  bcrypt-ruby (= 3.1.2)
  beefcake (= 0.4.0)
  builder (= 3.2.2)
  cf-uaa-lib (= 2.0.0)
  ci_reporter (= 1.9.0)
  coercible (= 0.2.0)
  colored (= 1.2)
  cookiejar (= 0.3.0)
  curb (= 0.7.18)
  daemons (= 1.1.9)
  data_mapper (= 1.2.0)
  data_objects (= 0.10.13)
  datamapper (= 1.2.0)
  descendants_tracker (= 0.0.3)
  diff-lcs (= 1.2.5)
  dm-aggregates (= 1.2.0)
  dm-constraints (= 1.2.0)
  dm-core (= 1.2.1)
  dm-do-adapter (= 1.2.0)
  dm-migrations (= 1.2.0)
  dm-serializer (= 1.2.2)
  dm-sqlite-adapter (= 1.2.0)
  dm-timestamps (= 1.2.0)
  dm-transactions (= 1.2.0)
  dm-types (= 1.2.2)
  dm-validations (= 1.2.0)
  do_sqlite3 (= 0.10.13)
  docile (= 1.1.1)
  docopt (= 0.5.0)
  em-http-request (= 1.1.1)
  em-socksify (= 0.3.0)
  equalizer (= 0.0.7)
  eventmachine (= 1.0.3)
  eventmachine_httpserver (= 0.2.1)
  fastercsv (= 1.5.5)
  fluent-logger (= 0.4.7)
  futuroscope (= 0.1.5)
  grape (= 0.6.1)
  hashie (= 2.0.5)
  http_parser.rb (= 0.6.0.beta.2)
  httpclient (= 2.3.4.1)
  i18n (= 0.6.5)
  ice_nine (= 0.10.0)
  ipaddress (= 0.8.0)
  json (= 1.8.1)
  json_pure (= 1.8.1)
  membrane (= 0.0.2)
  mime-types (= 2.0)
  minitest (= 4.7.5)
  mono_logger (= 1.1.0)
  msgpack (= 0.5.7)
  multi_json (= 1.8.2)
  multi_xml (= 0.5.5)
  multipart-post (= 1.2.0)
  mustache (= 0.99.4)
  nats (= 0.4.26)
  net-ssh (= 2.7.0)
  pg (= 0.14.1)
  posix-spawn (= 0.3.6)
  rack (= 1.5.2)
  rack-accept (= 0.4.5)
  rack-mount (= 0.8.3)
  rack-protection (= 1.5.1)
  rake (= 10.1.0)
  redis (= 3.0.6)
  redis-namespace (= 1.3.2)
  resque (= 1.25.1)
  resque-status (= 0.4.1)
  rspec (= 2.14.1)
  rspec-core (= 2.14.7)
  rspec-expectations (= 2.14.4)
  rspec-mocks (= 2.14.4)
  ruby-hmac (= 0.4.0)
  ruby-termios (= 0.9.6)
  rubyzip (= 0.9.9)
  simplecov (= 0.8.2)
  simplecov-html (= 0.8.0)
  simplecov-rcov (= 0.2.3)
  sinatra (= 1.4.4)
  sqlite3 (= 1.3.7)
  squash_ruby (= 1.2.3)
  stackato-kato (= 3.0.0)
  steno (= 1.1.0)
  steno-codec-text (= 0.1)
  stringex (= 1.5.1)
  term-ansicolor (= 1.0.7)
  thin (= 1.6.1)
  thread_safe (= 0.1.3)
  tilt (= 1.4.1)
  tzinfo (= 0.3.38)
  uuidtools (= 2.1.4)
  vcap_common (= 2.2.1)!
  vcap_services_base (= 0.2.3)!
  vegas (= 0.1.11)
  virtus (= 1.0.0)
  vmstat (= 2.0.0)
  warden-client (= 0.1.0)
  warden-protocol (= 0.1.3)
  xmlparser (= 0.7.2.1)
  yajl-ruby (= 1.1.0)
