PATH
  remote: ../../common
  specs:
    vcap_common (1.0.12)
      eventmachine (~> 1.0.0)
      nats (~> 0.4.26)
      posix-spawn (~> 0.3.6)
      stackato-kato (~> 2.8.0)
      thin (>= 1.4.0, < 1.6)
      yajl-ruby (~> 1.1.0)

PATH
  remote: ../base
  specs:
    vcap_services_base (0.1.10)
      curb (~> 0.7.16)
      datamapper (~> 1.1.0)
      do_sqlite3 (~> 0.10.3)
      em-http-request (~> 1.0.0)
      eventmachine (~> 1.0.0.rc4)
      eventmachine_httpserver (~> 0.2.1)
      json (~> 1.4.6)
      nats (~> 0.4.22.beta.8)
      rake (~> 0.9.2)
      resque (~> 1.20)
      resque-status (~> 0.3.2)
      ruby-hmac (~> 0.4.0)
      sinatra (~> 1.2.3)
      thin (~> 1.4.1)
      uuidtools (~> 2.1.2)
      vcap_common (= 1.0.12)
      vcap_logging (>= 0.1.3)

GEM
  remote: http://rubygems.org/
  specs:
    addressable (2.2.8)
    bcrypt-ruby (2.1.4)
    beefcake (0.3.7)
    builder (3.1.4)
    ci_reporter (1.8.4)
      builder (>= 2.1.2)
    cookiejar (0.3.0)
    curb (0.7.18)
    daemons (1.1.9)
    data_objects (0.10.12)
      addressable (~> 2.1)
    datamapper (1.1.0)
      dm-aggregates (= 1.1.0)
      dm-constraints (= 1.1.0)
      dm-core (= 1.1.0)
      dm-migrations (= 1.1.0)
      dm-serializer (= 1.1.0)
      dm-timestamps (= 1.1.0)
      dm-transactions (= 1.1.0)
      dm-types (= 1.1.0)
      dm-validations (= 1.1.0)
    diff-lcs (1.1.3)
    dm-aggregates (1.1.0)
      dm-core (~> 1.1.0)
    dm-constraints (1.1.0)
      dm-core (~> 1.1.0)
    dm-core (1.1.0)
      addressable (~> 2.2.4)
    dm-do-adapter (1.1.0)
      data_objects (~> 0.10.2)
      dm-core (~> 1.1.0)
    dm-migrations (1.1.0)
      dm-core (~> 1.1.0)
    dm-serializer (1.1.0)
      dm-core (~> 1.1.0)
      fastercsv (~> 1.5.4)
      json (~> 1.4.6)
    dm-sqlite-adapter (1.1.0)
      dm-do-adapter (~> 1.1.0)
      do_sqlite3 (~> 0.10.2)
    dm-timestamps (1.1.0)
      dm-core (~> 1.1.0)
    dm-transactions (1.1.0)
      dm-core (~> 1.1.0)
    dm-types (1.1.0)
      bcrypt-ruby (~> 2.1.4)
      dm-core (~> 1.1.0)
      fastercsv (~> 1.5.4)
      json (~> 1.4.6)
      stringex (~> 1.2.0)
      uuidtools (~> 2.1.2)
    dm-validations (1.1.0)
      dm-core (~> 1.1.0)
    do_sqlite3 (0.10.12)
      data_objects (= 0.10.12)
    docopt (0.5.0)
    em-http-request (1.0.3)
      addressable (>= 2.2.3)
      cookiejar
      em-socksify
      eventmachine (>= 1.0.0.beta.4)
      http_parser.rb (>= 0.5.3)
    em-socksify (0.2.1)
      eventmachine (>= 1.0.0.beta.4)
    eventmachine (1.0.0)
    eventmachine-tail (0.6.4)
      eventmachine
    eventmachine_httpserver (0.2.1)
    fastercsv (1.5.5)
    fraggle (4.0.1)
      beefcake (~> 0.3)
      eventmachine
    fraggle-block (0.2.0)
      beefcake (~> 0.3)
    http_parser.rb (0.5.3)
    ipaddress (0.8.0)
    json (1.4.6)
    json_pure (1.7.7)
    macaddr (1.6.1)
      systemu (~> 2.5.0)
    multi_json (1.6.1)
    mustache (0.99.4)
    nats (0.4.26)
      daemons (>= 1.1.5)
      eventmachine (>= 0.12.10)
      json_pure (>= 1.7.3)
      thin (>= 1.4.1)
    net-ssh (2.6.5)
    pg (0.14.1)
    posix-spawn (0.3.6)
    rack (1.5.2)
    rake (0.9.6)
    redis (3.0.2)
    redis-namespace (1.2.1)
      redis (~> 3.0.0)
    redisk (0.2.2)
      redis (>= 0.1.1)
      redis-namespace (>= 0.1.0)
    resque (1.23.0)
      multi_json (~> 1.0)
      redis-namespace (~> 1.0)
      sinatra (>= 0.9.2)
      vegas (~> 0.1.2)
    resque-status (0.3.3)
      redisk (>= 0.2.1)
      resque (~> 1.19)
      uuid (~> 2.3)
    rspec (2.12.0)
      rspec-core (~> 2.12.0)
      rspec-expectations (~> 2.12.0)
      rspec-mocks (~> 2.12.0)
    rspec-core (2.12.2)
    rspec-expectations (2.12.1)
      diff-lcs (~> 1.1.3)
    rspec-mocks (2.12.2)
    ruby-hmac (0.4.0)
    ruby-termios (0.9.6)
    simplecov (0.7.1)
      multi_json (~> 1.0)
      simplecov-html (~> 0.7.1)
    simplecov-html (0.7.1)
    simplecov-rcov (0.2.3)
      simplecov (>= 0.4.1)
    sinatra (1.2.8)
      rack (~> 1.1)
      tilt (>= 1.2.2, < 2.0)
    sqlite3 (1.3.7)
    stackato-kato (2.8.0)
      docopt
      em-http-request (~> 1.0.0)
      eventmachine (~> 1.0.0)
      eventmachine-tail (~> 0.6.3)
      fraggle (= 4.0.1)
      fraggle-block (= 0.2.0)
      ipaddress (~> 0.8.0)
      mustache
      pg
      ruby-termios
      sqlite3
      term-ansicolor
      uuid (~> 2.3.5)
      vic (~> 1.0.0)
      xmlparser
      yajl-ruby (~> 1.1.0)
    stringex (1.2.2)
    systemu (2.5.2)
    term-ansicolor (1.0.7)
    thin (1.4.1)
      daemons (>= 1.0.9)
      eventmachine (>= 0.12.6)
      rack (>= 1.0.0)
    tilt (1.3.3)
    uuid (2.3.7)
      macaddr (~> 1.0)
    uuidtools (2.1.3)
    vcap_logging (1.0.1)
      rake
    vegas (0.1.11)
      rack (>= 1.0.0)
    vic (1.0.0)
    xmlparser (0.7.2.1)
    yajl-ruby (1.1.0)

PLATFORMS
  ruby

DEPENDENCIES
  ci_reporter
  datamapper (>= 0.10.2)
  dm-sqlite-adapter
  do_sqlite3
  em-http-request
  eventmachine
  net-ssh
  rake
  rspec
  ruby-hmac
  simplecov
  simplecov-rcov
  sinatra
  thin
  uuidtools
  vcap_common!
  vcap_logging (>= 0.1.3)
  vcap_services_base!
